GEM
  remote: https://rubygems.org/
  specs:
    minitest (5.23.1)
    rake

PLATFORMS
  x64-mingw-ucrt

DEPENDENCIES
  bundler
  minitest (= 5.23.1)
  rake

BUNDLED WITH
   2.5.10
