GEM
  remote: https://rubygems.org/
  specs:
    minitest (5.16.3)
    rake (13.2.1)

PLATFORMS
  x64-mingw-ucrt
  x86_64-linux

DEPENDENCIES
  bundler
  minitest (~> 5.14)
  rake (~> 13.2.1)

BUNDLED WITH
   2.5.10
