GEM
  remote: https://rubygems.org/
  specs:
    minitest (5.23.1)
    rake (13.0.6)

PLATFORMS
  x64-mingw-ucrt

DEPENDENCIES
  bundler
  minitest (= 5.23.1)
  rake (= 13.0.6)

BUNDLED WITH
   2.5.10
